PATH
  remote: .
  specs:
    medianamer (0.1.0)

GEM
  remote: https://rubygems.org/
  specs:

PLATFORMS
  ruby
  x86_64-linux

DEPENDENCIES
  medianamer!

BUNDLED WITH
   2.7.2
