PATH
  remote: .
  specs:
    medianamer (0.1.0)
      dotenv (~> 2.8)
      logger (~> 1.6)

GEM
  remote: https://rubygems.org/
  specs:
    diff-lcs (1.6.2)
    dotenv (2.8.1)
    logger (1.7.0)
    rspec (3.13.1)
      rspec-core (~> 3.13.0)
      rspec-expectations (~> 3.13.0)
      rspec-mocks (~> 3.13.0)
    rspec-core (3.13.5)
      rspec-support (~> 3.13.0)
    rspec-expectations (3.13.5)
      diff-lcs (>= 1.2.0, < 2.0)
      rspec-support (~> 3.13.0)
    rspec-mocks (3.13.6)
      diff-lcs (>= 1.2.0, < 2.0)
      rspec-support (~> 3.13.0)
    rspec-support (3.13.6)

PLATFORMS
  ruby
  x86_64-linux

DEPENDENCIES
  medianamer!
  rspec (~> 3.13)

BUNDLED WITH
   2.7.2
